GEM
  remote: http://rubygems.org/
  specs:
    columnize (0.3.4)
    fakeweb (1.3.0)
    fastercsv (1.5.4)
    git (1.2.5)
    jeweler (1.5.2)
      bundler (~> 1.0.0)
      git (>= 1.2.5)
      rake
    json (1.5.3)
    linecache (0.46)
      rbx-require-relative (> 0.0.4)
    nokogiri (1.5.0)
    rake (0.9.2)
    rbx-require-relative (0.0.5)
    rcov (0.9.9)
    reek (1.2.8)
      ruby2ruby (~> 1.2)
      ruby_parser (~> 2.0)
      sexp_processor (~> 3.0)
    rmagick (2.13.1)
    roodi (2.1.0)
      ruby_parser
    ruby-debug (0.10.4)
      columnize (>= 0.1)
      ruby-debug-base (~> 0.10.4.0)
    ruby-debug-base (0.10.4)
      linecache (>= 0.3)
    ruby2ruby (1.2.5)
      ruby_parser (~> 2.0)
      sexp_processor (~> 3.0)
    ruby_parser (2.0.6)
      sexp_processor (~> 3.0)
    sexp_processor (3.0.5)
    shoulda (2.11.3)
    trollop (1.16.2)

PLATFORMS
  ruby

DEPENDENCIES
  bundler (~> 1.0.0)
  fakeweb
  fastercsv
  jeweler (~> 1.5.1)
  json
  nokogiri (~> 1.5.0)
  rcov
  reek (~> 1.2.8)
  rmagick
  roodi (~> 2.1.0)
  ruby-debug
  shoulda
  trollop
