PATH
  remote: .
  specs:
    mead (0.1.3)
      json
      nokogiri (> 1.5.0)
      trollop

GEM
  remote: http://rubygems.org/
  specs:
    activesupport (3.2.13)
      i18n (= 0.6.1)
      multi_json (~> 1.0)
    bourne (1.4.0)
      mocha (~> 0.13.2)
    fakeweb (1.3.0)
    i18n (0.6.1)
    json (1.8.2)
    json (1.8.2-java)
    metaclass (0.0.1)
    mini_portile (0.6.2)
    mocha (0.13.3)
      metaclass (~> 0.0.1)
    multi_json (1.7.2)
    nokogiri (1.6.6.2)
      mini_portile (~> 0.6.0)
    nokogiri (1.6.6.2-java)
    rake (10.0.4)
    shoulda (3.4.0)
      shoulda-context (~> 1.0, >= 1.0.1)
      shoulda-matchers (~> 1.0, >= 1.4.1)
    shoulda-context (1.0.2)
    shoulda-matchers (1.5.4)
      activesupport (>= 3.0.0)
      bourne (~> 1.3)
    trollop (2.1.2)

PLATFORMS
  java
  ruby

DEPENDENCIES
  fakeweb
  mead!
  rake
  shoulda
