GEM
  remote: http://rubygems.org/
  specs:
    fakeweb (1.3.0)
    fastercsv (1.5.4)
    gbarcode (0.98.20)
    git (1.2.5)
    jeweler (1.5.2)
      bundler (~> 1.0.0)
      git (>= 1.2.5)
      rake
    json (1.5.0)
    nokogiri (1.4.3.1)
    rake (0.8.7)
    rcov (0.9.9)
    reek (1.2.8)
      ruby2ruby (~> 1.2)
      ruby_parser (~> 2.0)
      sexp_processor (~> 3.0)
    rmagick (2.13.1)
    roodi (2.1.0)
      ruby_parser
    ruby2ruby (1.2.5)
      ruby_parser (~> 2.0)
      sexp_processor (~> 3.0)
    ruby_parser (2.0.5)
      sexp_processor (~> 3.0)
    sexp_processor (3.0.5)
    shoulda (2.11.3)
    trollop (1.16.2)

PLATFORMS
  ruby

DEPENDENCIES
  bundler (~> 1.0.0)
  fakeweb
  fastercsv
  gbarcode (>= 0.98.20)
  jeweler (~> 1.5.1)
  json
  nokogiri (= 1.4.3.1)
  rcov
  reek (~> 1.2.8)
  rmagick
  roodi (~> 2.1.0)
  shoulda
  trollop
